GIT
  remote: git://github.com/arsduo/koala.git
  revision: db1a3d7894f39263a1cae5dfa2b41898c1f42348
  specs:
    koala (1.0.0.beta)
      json (>= 1.0)
      multipart-post (>= 1.0)

GIT
  remote: git://github.com/rspec/rspec-core.git
  revision: 41d11e2da3566cd6e3fc208b92993ef1b9a72d98
  specs:
    rspec-core (2.5.1)

GIT
  remote: git://github.com/rspec/rspec-expectations.git
  revision: 8813963811d03dc880b1c4a33b1a2696820ac515
  specs:
    rspec-expectations (2.5.0)
      diff-lcs (~> 1.1.2)

GIT
  remote: git://github.com/rspec/rspec-mocks.git
  revision: 8ce0c12448ec432688933fd938d14dcc6e1d800b
  specs:
    rspec-mocks (2.5.0)

GIT
  remote: git://github.com/rspec/rspec-rails.git
  revision: 15edeb4f5c4392e1bb440fb1681168c5a028ab6c
  specs:
    rspec-rails (2.5.0)
      actionpack (~> 3.0)
      activesupport (~> 3.0)
      railties (~> 3.0)
      rspec (~> 2.5.0)

GIT
  remote: git://github.com/rspec/rspec.git
  revision: 830cf29722b95fee2aa6a1b537184ecbf19dd6f0
  specs:
    rspec (2.5.0)
      rspec-core (~> 2.5.0)
      rspec-expectations (~> 2.5.0)
      rspec-mocks (~> 2.5.0)

GEM
  remote: http://rubygems.org/
  specs:
    ZenTest (4.5.0)
    abstract (1.0.0)
    actionmailer (3.0.3)
      actionpack (= 3.0.3)
      mail (~> 2.2.9)
    actionpack (3.0.3)
      activemodel (= 3.0.3)
      activesupport (= 3.0.3)
      builder (~> 2.1.2)
      erubis (~> 2.6.6)
      i18n (~> 0.4)
      rack (~> 1.2.1)
      rack-mount (~> 0.6.13)
      rack-test (~> 0.5.6)
      tzinfo (~> 0.3.23)
    activemodel (3.0.3)
      activesupport (= 3.0.3)
      builder (~> 2.1.2)
      i18n (~> 0.4)
    activerecord (3.0.3)
      activemodel (= 3.0.3)
      activesupport (= 3.0.3)
      arel (~> 2.0.2)
      tzinfo (~> 0.3.23)
    activerecord-import (0.2.2)
      activerecord (~> 3.0.0rc)
    activeresource (3.0.3)
      activemodel (= 3.0.3)
      activesupport (= 3.0.3)
    activesupport (3.0.3)
    arel (2.0.8)
    autotest (4.4.6)
      ZenTest (>= 4.4.1)
    builder (2.1.2)
    configuration (1.2.0)
    csvscan (0.1.0)
    daemons (1.1.0)
    delayed_job (2.1.4)
      activesupport (~> 3.0)
      daemons
    diff-lcs (1.1.2)
    erubis (2.6.6)
      abstract (>= 1.0.0)
    heroku (1.16.2)
      json_pure (>= 1.2.0, < 1.5.0)
      launchy (~> 0.3.2)
      rest-client (>= 1.4.0, < 1.7.0)
    i18n (0.5.0)
    json (1.5.1)
    json_pure (1.4.6)
    launchy (0.3.7)
      configuration (>= 0.0.5)
      rake (>= 0.8.1)
    mail (2.2.15)
      activesupport (>= 2.3.6)
      i18n (>= 0.4.0)
      mime-types (~> 1.16)
      treetop (~> 1.4.8)
    mime-types (1.16)
    multipart-post (1.1.0)
    mysql (2.8.1)
    nokogiri (1.4.4)
    polyglot (0.3.1)
    rack (1.2.1)
    rack-mount (0.6.13)
      rack (>= 1.0.0)
    rack-test (0.5.7)
      rack (>= 1.0)
    rails (3.0.3)
      actionmailer (= 3.0.3)
      actionpack (= 3.0.3)
      activerecord (= 3.0.3)
      activeresource (= 3.0.3)
      activesupport (= 3.0.3)
      bundler (~> 1.0)
      railties (= 3.0.3)
    railties (3.0.3)
      actionpack (= 3.0.3)
      activesupport (= 3.0.3)
      rake (>= 0.8.7)
      thor (~> 0.14.4)
    rake (0.8.7)
    rest-client (1.6.1)
      mime-types (>= 1.16)
    spork (0.9.0.rc2)
    sqlite3 (1.3.3)
    sqlite3-ruby (1.3.3)
      sqlite3 (>= 1.3.3)
    thor (0.14.6)
    treetop (1.4.9)
      polyglot (>= 0.3.1)
    tzinfo (0.3.24)
    webrat (0.7.3)
      nokogiri (>= 1.2.0)
      rack (>= 1.0)
      rack-test (>= 0.5.3)

PLATFORMS
  ruby

DEPENDENCIES
  activerecord-import (= 0.2.2)
  autotest
  csvscan
  delayed_job
  heroku
  koala!
  mysql
  rails (= 3.0.3)
  rspec (>= 2.0.0.beta.10)!
  rspec-core (>= 2.0.0.beta.10)!
  rspec-expectations (>= 2.0.0.beta.10)!
  rspec-mocks (>= 2.0.0.beta.10)!
  rspec-rails (>= 2.0.0.beta.10)!
  spork (~> 0.9.0.rc)
  sqlite3-ruby
  webrat
